GIT
  remote: https://github.com/neocities/dav4rack.git
  revision: 3ecde122a0b8bcc1d85581dc85ef3a7120b6a8f0
  ref: 3ecde122a0b8bcc1d85581dc85ef3a7120b6a8f0
  specs:
    dav4rack (1.1.0)
      addressable (>= 2.5.0)
      nokogiri (>= 1.6.0)
      ox (>= 2.1.0)
      rack (>= 1.6)
      uuidtools (~> 2.1.1)

GEM
  remote: https://rubygems.org/
  specs:
    CFPropertyList (2.3.6)
    acme-client (2.0.7)
      faraday (>= 0.17, < 2.0.0)
    activesupport (6.1.3)
      concurrent-ruby (~> 1.0, >= 1.0.2)
      i18n (>= 1.6, < 2)
      minitest (>= 5.1)
      tzinfo (~> 2.0)
      zeitwerk (~> 2.3)
    addressable (2.7.0)
      public_suffix (>= 2.0.2, < 5.0)
    ansi (1.5.0)
    apparition (0.6.0)
      capybara (~> 3.13, < 4)
      websocket-driver (>= 0.6.5)
    base32 (0.3.4)
    bcrypt (3.1.16)
    builder (3.2.4)
    byebug (11.1.3)
    capybara (3.35.3)
      addressable
      mini_mime (>= 0.1.3)
      nokogiri (~> 1.8)
      rack (>= 1.6.0)
      rack-test (>= 0.6.3)
      regexp_parser (>= 1.5, < 3.0)
      xpath (~> 3.2)
    certified (1.0.0)
    climate_control (0.2.0)
    coderay (1.1.3)
    concurrent-ruby (1.1.8)
    connection_pool (2.2.3)
    coveralls (0.7.1)
      multi_json (~> 1.3)
      rest-client
      simplecov (>= 0.7)
      term-ansicolor
      thor
    crack (0.4.5)
      rexml
    crass (1.0.6)
    dante (0.2.0)
    docile (1.3.5)
    domain_name (0.5.20190701)
      unf (>= 0.0.5, < 1.0.0)
    erubis (2.7.0)
    exifr (1.3.9)
    fabrication (2.21.1)
    facter (2.5.7-universal-darwin)
      CFPropertyList (~> 2.2)
    faker (2.16.0)
      i18n (>= 1.6, < 2)
    faraday (1.3.0)
      faraday-net_http (~> 1.0)
      multipart-post (>= 1.2, < 3)
      ruby2_keywords
    faraday-net_http (1.0.1)
    faraday_middleware (1.0.0)
      faraday (~> 1.0)
    feedjira (2.1.4)
      faraday (>= 0.9)
      faraday_middleware (>= 0.9)
      loofah (>= 2.0)
      sax-machine (>= 1.0)
    ffi (1.14.2)
    ffi-compiler (1.0.1)
      ffi (>= 1.0.0)
      rake
    filesize (0.2.0)
    fspath (3.1.2)
    gandi (3.3.28)
      hashie
      xmlrpc
    geoip (1.6.4)
    hashdiff (1.0.1)
    hashie (4.1.0)
    hiredis (0.6.3)
    hoe (3.22.3)
      rake (>= 0.8, < 15.0)
    htmlentities (4.3.4)
    http (4.4.1)
      addressable (~> 2.3)
      http-cookie (~> 1.0)
      http-form_data (~> 2.2)
      http-parser (~> 1.2.0)
    http-accept (1.7.0)
    http-cookie (1.0.3)
      domain_name (~> 0.5)
    http-form_data (2.3.0)
    http-parser (1.2.3)
      ffi-compiler (>= 1.0, < 2.0)
    i18n (1.8.9)
      concurrent-ruby (~> 1.0)
    image_optim (0.28.0)
      exifr (~> 1.2, >= 1.2.2)
      fspath (~> 3.0)
      image_size (>= 1.5, < 3)
      in_threads (~> 1.3)
      progress (~> 3.0, >= 3.0.1)
    image_optim_pack (0.7.0.20210206)
      fspath (>= 2.1, < 4)
      image_optim (~> 0.19)
    image_size (2.1.0)
    in_threads (1.5.4)
    io-extra (1.4.0)
    ipaddress (0.8.3)
    json (2.5.1)
    loofah (2.9.0)
      crass (~> 1.0.2)
      nokogiri (>= 1.5.9)
    m (1.5.1)
      method_source (>= 0.6.7)
      rake (>= 0.9.2.2)
    magic (0.2.9)
      ffi (>= 0.6.3)
    mail (2.7.1)
      mini_mime (>= 0.1.1)
    maxmind-db (1.1.1)
    method_source (1.0.0)
    mime-types (3.3.1)
      mime-types-data (~> 3.2015)
    mime-types-data (3.2021.0225)
    mini_mime (1.0.2)
    minitest (5.11.3)
    minitest-reporters (1.4.3)
      ansi
      builder
      minitest (>= 5.0)
      ruby-progressbar
    mocha (1.12.0)
    mock_redis (0.27.3)
      ruby2_keywords
    monetize (1.11.0)
      money (~> 6.12)
    money (6.14.1)
      i18n (>= 0.6.4, <= 2)
    msgpack (1.4.2)
    multi_json (1.15.0)
    multipart-post (2.1.1)
    mustermann (1.1.1)
      ruby2_keywords (~> 0.0.1)
    netrc (0.11.0)
    nio4r (2.5.7)
    nokogiri (1.11.1-arm64-darwin)
      racc (~> 1.4)
    nokogumbo (2.0.4)
      nokogiri (~> 1.8, >= 1.8.4)
    ox (2.14.1)
    paypal-recurring (1.1.0)
    pg (1.2.3)
    progress (3.5.2)
    pry (0.14.0)
      coderay (~> 1.1)
      method_source (~> 1.0)
    pry-byebug (3.8.0)
      byebug (~> 11.0)
      pry (~> 0.10)
    public_suffix (4.0.6)
    puma (5.2.2)
      nio4r (~> 2.0)
    racc (1.5.2)
    rack (2.2.3)
    rack-cache (1.12.1)
      rack (>= 0.4)
    rack-protection (2.0.8)
      rack
    rack-test (1.1.0)
      rack (>= 1.0, < 3)
    rack_session_access (0.2.0)
      builder (>= 2.0.0)
      rack (>= 1.0.0)
    rake (13.0.3)
    rb-fsevent (0.10.4)
    rb-inotify (0.10.1)
      ffi (~> 1.0)
    redis (3.3.5)
    redis-namespace (1.8.1)
      redis (>= 3.0.4)
    regexp_parser (2.1.1)
    rest-client (2.1.0)
      http-accept (>= 1.7.0, < 2.0)
      http-cookie (>= 1.0.2, < 2.0)
      mime-types (>= 1.16, < 4.0)
      netrc (~> 0.8)
    rexml (3.2.4)
    rinku (2.0.6)
    rmagick (4.2.2)
    rss (0.2.9)
      rexml
    ruby-progressbar (1.11.0)
    ruby2_keywords (0.0.4)
    sanitize (5.2.3)
      crass (~> 1.0.2)
      nokogiri (>= 1.8.0)
      nokogumbo (~> 2.0)
    sass (3.7.4)
      sass-listen (~> 4.0.0)
    sass-listen (4.0.0)
      rb-fsevent (~> 0.9, >= 0.9.4)
      rb-inotify (~> 0.9, >= 0.9.7)
    sax-machine (1.3.2)
    sequel (5.42.0)
    sequel_pg (1.14.0)
      pg (>= 0.18.0, != 1.2.0)
      sequel (>= 4.38.0)
    shotgun (0.9.2)
      rack (>= 1.0)
    sidekiq (4.2.10)
      concurrent-ruby (~> 1.0)
      connection_pool (~> 2.2, >= 2.2.0)
      rack-protection (>= 1.5.0)
      redis (~> 3.2, >= 3.2.1)
    simplecov (0.21.2)
      docile (~> 1.1)
      simplecov-html (~> 0.11)
      simplecov_json_formatter (~> 0.1)
    simplecov-html (0.12.3)
    simplecov_json_formatter (0.1.2)
    simpleidn (0.2.1)
      unf (~> 0.1.4)
    sinatra (2.0.8)
      mustermann (~> 1.0)
      rack (~> 2.0)
      rack-protection (= 2.0.8)
      tilt (~> 2.0)
    sinatra-flash (0.3.0)
      sinatra (>= 1.0.0)
    sinatra-xsendfile (0.4.2)
      sinatra (>= 0.9.1)
    stripe (5.30.0)
    stripe-ruby-mock (3.0.1)
      dante (>= 0.2.0)
      multi_json (~> 1.0)
      stripe (> 5, < 6)
    sync (0.5.0)
    term-ansicolor (1.7.1)
      tins (~> 1.0)
    terrapin (0.6.0)
      climate_control (>= 0.0.3, < 1.0)
    thor (1.1.0)
    thread (0.2.2)
    tilt (2.0.10)
    timecop (0.9.4)
    tins (1.28.0)
      sync
    tzinfo (2.0.4)
      concurrent-ruby (~> 1.0)
    unf (0.1.4)
      unf_ext
    unf_ext (0.0.7.7)
    uuidtools (2.1.5)
    webmock (3.12.1)
      addressable (>= 2.3.6)
      crack (>= 0.3.2)
      hashdiff (>= 0.4.0, < 2.0.0)
    webrick (1.7.0)
    websocket-driver (0.7.3)
      websocket-extensions (>= 0.1.0)
    websocket-extensions (0.1.5)
    will_paginate (3.3.0)
    xmlrpc (0.3.2)
      webrick
    xpath (3.2.0)
      nokogiri (~> 1.8)
    zeitwerk (2.4.2)
    zipruby (0.3.6)

PLATFORMS
  arm64-darwin-20

DEPENDENCIES
  acme-client (~> 2.0.0)
  activesupport
  addressable
  apparition
  base32
  bcrypt
  capybara
  certified
  coveralls
  dav4rack!
  erubis
  fabrication
  facter
  faker
  feedjira (= 2.1.4)
  filesize
  gandi
  geoip
  hiredis
  hoe
  htmlentities
  http
  image_optim
  image_optim_pack
  io-extra
  ipaddress
  json (>= 2.3.0)
  m
  magic
  mail
  maxmind-db
  minitest (= 5.11.3)
  minitest-reporters
  mocha
  mock_redis
  monetize
  msgpack
  paypal-recurring
  pg
  pry
  pry-byebug
  puma
  rack-cache
  rack-test
  rack_session_access
  rake (>= 12.3.3)
  redis
  redis-namespace
  rest-client
  rinku
  rmagick
  rss
  sanitize
  sass
  sequel
  sequel_pg
  shotgun
  sidekiq (~> 4.2.10)
  simplecov
  simpleidn
  sinatra (= 2.0.8)
  sinatra-flash
  sinatra-xsendfile
  stripe
  stripe-ruby-mock
  terrapin
  thread
  tilt
  timecop
  webmock
  will_paginate
  xmlrpc
  zipruby

BUNDLED WITH
   2.2.3
